PATH
  remote: .
  specs:
    chefzero_simple (0.1.0)

GEM
  remote: https://rubygems.org/
  specs:
    rake (11.2.2)

PLATFORMS
  ruby

DEPENDENCIES
  chefzero_simple!
  rake (~> 11.2)
